STORAGE: NONE
RESTRICTION: == netstandard2.0
NUGET
  remote: https://www.nuget.org/api/v2
    dotnet-fable (2.0.6) - clitool: true
    Fable.Core (2.0)
      FSharp.Core (>= 4.5.2)
    FSharp.Core (4.5.2)
